GEM
  remote: http://rubygems.org/
  specs:
    bcrypt (3.1.13)
    bcrypt-ruby (3.1.5)
      bcrypt (>= 3.1.3)
    bson (4.5.0)
    bson_ext (1.5.1)
    coffee-script (2.4.1)
      coffee-script-source
      execjs
    coffee-script-source (1.12.2)
    concurrent-ruby (1.1.5)
    daemons (1.3.1)
    domain_name (0.5.20190701)
      unf (>= 0.0.5, < 1.0.0)
    ejs (1.1.1)
    eventmachine (1.2.7)
    execjs (2.7.0)
    ffi (1.11.1)
    foreman (0.85.0)
      thor (~> 0.19.1)
    http-accept (1.7.0)
    http-cookie (1.0.3)
      domain_name (~> 0.5)
    json (2.2.0)
    listen (3.1.5)
      rb-fsevent (~> 0.9, >= 0.9.4)
      rb-inotify (~> 0.9, >= 0.9.7)
      ruby_dep (~> 1.2)
    mime-types (3.2.2)
      mime-types-data (~> 3.2015)
    mime-types-data (3.2019.0331)
    minitest (5.11.3)
    mongo (2.10.0)
      bson (>= 4.4.2, < 5.0.0)
    mustermann (1.0.3)
    netrc (0.11.0)
    rack (2.0.7)
    rack-protection (2.0.6)
      rack
    rake (12.3.3)
    rb-fsevent (0.10.3)
    rb-inotify (0.10.0)
      ffi (~> 1.0)
    rerun (0.13.0)
      listen (~> 3.0)
    rest-client (2.1.0)
      http-accept (>= 1.7.0, < 2.0)
      http-cookie (>= 1.0.2, < 2.0)
      mime-types (>= 1.16, < 4.0)
      netrc (~> 0.8)
    ruby_dep (1.5.0)
    sass (3.7.4)
      sass-listen (~> 4.0.0)
    sass-listen (4.0.0)
      rb-fsevent (~> 0.9, >= 0.9.4)
      rb-inotify (~> 0.9, >= 0.9.7)
    sinatra (2.0.6)
      mustermann (~> 1.0)
      rack (~> 2.0)
      rack-protection (= 2.0.6)
      tilt (~> 2.0)
    sprockets (3.7.2)
      concurrent-ruby (~> 1.0)
      rack (> 1, < 3)
    thin (1.7.2)
      daemons (~> 1.0, >= 1.0.9)
      eventmachine (~> 1.0, >= 1.0.4)
      rack (>= 1, < 3)
    thor (0.19.4)
    tilt (2.0.9)
    unf (0.1.4)
      unf_ext
    unf_ext (0.0.7.6)

PLATFORMS
  ruby

DEPENDENCIES
  bcrypt-ruby
  bson_ext
  coffee-script
  ejs
  foreman
  json
  minitest
  mongo
  rake
  rerun
  rest-client
  sass
  sinatra
  sprockets
  thin

RUBY VERSION
   ruby 2.6.3p62

BUNDLED WITH
   2.0.2
